PATH
  remote: .
  specs:
    image-charts (5.0.0)

GEM
  remote: https://rubygems.org/
  specs:
    minitest (5.25.1)

PLATFORMS
  ruby

DEPENDENCIES
  image-charts!
  minitest (~> 5.25)

BUNDLED WITH
   2.5.19
