PATH
  remote: .
  specs:
    image-charts (5.0.0)

GEM
  remote: https://rubygems.org/
  specs:
    minitest (5.14.1)

PLATFORMS
  ruby

DEPENDENCIES
  image-charts!
  minitest (~> 5.14)

BUNDLED WITH
   1.16.1
